GIT
  remote: https://github.com/csm123/starburst.git
  revision: ff8fd1f8fbb7b466580a0f9484849c4de207e111
  specs:
    starburst (2.0.0.rc0)
      rails (>= 4.2.0, < 6.1)

GIT
  remote: https://github.com/jbox-web/ajax-datatables-rails.git
  revision: 70513cb0e0990f26b52626ba13674e67104c03c6
  ref: 70513cb0e0990f26b52626ba13674e67104c03c6
  specs:
    ajax-datatables-rails (0.4.3)
      railties (>= 4.0)

GIT
  remote: https://github.com/pgate/twitter-typeahead-rails.git
  revision: 105a036048eb4c19a1d5c0bb7aec55346c8b506d
  specs:
    twitter-typeahead-rails (0.11.1)
      actionpack (>= 3.1)
      jquery-rails
      railties (>= 3.1)

GEM
  remote: https://rubygems.org/
  specs:
    actioncable (5.2.6)
      actionpack (= 5.2.6)
      nio4r (~> 2.0)
      websocket-driver (>= 0.6.1)
    actionmailer (5.2.6)
      actionpack (= 5.2.6)
      actionview (= 5.2.6)
      activejob (= 5.2.6)
      mail (~> 2.5, >= 2.5.4)
      rails-dom-testing (~> 2.0)
    actionpack (5.2.6)
      actionview (= 5.2.6)
      activesupport (= 5.2.6)
      rack (~> 2.0, >= 2.0.8)
      rack-test (>= 0.6.3)
      rails-dom-testing (~> 2.0)
      rails-html-sanitizer (~> 1.0, >= 1.0.2)
    actionview (5.2.6)
      activesupport (= 5.2.6)
      builder (~> 3.1)
      erubi (~> 1.4)
      rails-dom-testing (~> 2.0)
      rails-html-sanitizer (~> 1.0, >= 1.0.3)
    activejob (5.2.6)
      activesupport (= 5.2.6)
      globalid (>= 0.3.6)
    activemodel (5.2.6)
      activesupport (= 5.2.6)
    activerecord (5.2.6)
      activemodel (= 5.2.6)
      activesupport (= 5.2.6)
      arel (>= 9.0)
    activestorage (5.2.6)
      actionpack (= 5.2.6)
      activerecord (= 5.2.6)
      marcel (~> 1.0.0)
    activesupport (5.2.6)
      concurrent-ruby (~> 1.0, >= 1.0.2)
      i18n (>= 0.7, < 2)
      minitest (~> 5.1)
      tzinfo (~> 1.1)
    addressable (2.8.0)
      public_suffix (>= 2.0.2, < 5.0)
    airbrussh (1.4.0)
      sshkit (>= 1.6.1, != 1.7.0)
    annotate (3.1.1)
      activerecord (>= 3.2, < 7.0)
      rake (>= 10.4, < 14.0)
    apparition (0.6.0)
      capybara (~> 3.13, < 4)
      websocket-driver (>= 0.6.5)
    arel (9.0.0)
    ast (2.4.2)
    awesome_print (1.9.2)
    barby (0.6.8)
    bcrypt_pbkdf (1.1.0)
    better_errors (2.9.1)
      coderay (>= 1.0.0)
      erubi (>= 1.0.0)
      rack (>= 0.9.0)
    bindex (0.8.1)
    binding_of_caller (0.8.0)
      debug_inspector (>= 0.0.1)
    bootstrap-select-rails (1.13.8)
    browser (4.2.0)
    builder (3.2.4)
    byebug (11.1.3)
    capistrano (3.16.0)
      airbrussh (>= 1.0.0)
      i18n
      rake (>= 10.0.0)
      sshkit (>= 1.9.0)
    capistrano-bundler (1.6.0)
      capistrano (~> 3.1)
    capistrano-passenger (0.2.1)
      capistrano (~> 3.0)
    capistrano-rails (1.6.1)
      capistrano (~> 3.1)
      capistrano-bundler (>= 1.1, < 3)
    capistrano-rbenv (2.2.0)
      capistrano (~> 3.1)
      sshkit (~> 1.3)
    capybara (3.35.3)
      addressable
      mini_mime (>= 0.1.3)
      nokogiri (~> 1.8)
      rack (>= 1.6.0)
      rack-test (>= 0.6.3)
      regexp_parser (>= 1.5, < 3.0)
      xpath (~> 3.2)
    capybara-screenshot (1.0.25)
      capybara (>= 1.0, < 4)
      launchy
    chunky_png (1.4.0)
    clipboard-rails (1.7.1)
    coderay (1.1.3)
    coffee-rails (4.2.2)
      coffee-script (>= 2.2.0)
      railties (>= 4.0.0)
    coffee-script (2.4.1)
      coffee-script-source
      execjs
    coffee-script-source (1.12.2)
    commonjs (0.2.7)
    concurrent-ruby (1.1.9)
    crass (1.0.6)
    data-confirm-modal (1.6.3)
      railties (>= 3.0)
    database_cleaner (1.99.0)
    debug_inspector (1.1.0)
    diff-lcs (1.4.4)
    dotenv (2.7.6)
    dotenv-rails (2.7.6)
      dotenv (= 2.7.6)
      railties (>= 3.2)
    ed25519 (1.2.4)
    erubi (1.10.0)
    exception_notification (4.4.3)
      actionmailer (>= 4.0, < 7)
      activesupport (>= 4.0, < 7)
    execjs (2.8.1)
    factory_bot (6.2.0)
      activesupport (>= 5.0.0)
    factory_bot_rails (6.2.0)
      factory_bot (~> 6.2.0)
      railties (>= 5.0.0)
    faraday (1.5.1)
      faraday-em_http (~> 1.0)
      faraday-em_synchrony (~> 1.0)
      faraday-excon (~> 1.1)
      faraday-httpclient (~> 1.0.1)
      faraday-net_http (~> 1.0)
      faraday-net_http_persistent (~> 1.1)
      faraday-patron (~> 1.0)
      multipart-post (>= 1.2, < 3)
      ruby2_keywords (>= 0.0.4)
    faraday-em_http (1.0.0)
    faraday-em_synchrony (1.0.0)
    faraday-excon (1.1.0)
    faraday-httpclient (1.0.1)
    faraday-net_http (1.0.1)
    faraday-net_http_persistent (1.2.0)
    faraday-patron (1.0.0)
    ffi (1.15.3)
    font-awesome-rails (4.7.0.7)
      railties (>= 3.2, < 7)
    formatador (0.3.0)
    fuubar (2.5.1)
      rspec-core (~> 3.0)
      ruby-progressbar (~> 1.4)
    globalid (0.4.2)
      activesupport (>= 4.2.0)
    guard (2.17.0)
      formatador (>= 0.2.4)
      listen (>= 2.7, < 4.0)
      lumberjack (>= 1.0.12, < 2.0)
      nenv (~> 0.1)
      notiffany (~> 0.0)
      pry (>= 0.9.12)
      shellany (~> 0.0)
      thor (>= 0.18.1)
    guard-compat (1.2.1)
    guard-rspec (4.7.3)
      guard (~> 2.1)
      guard-compat (~> 1.1)
      rspec (>= 2.99.0, < 4.0)
    hashie (4.1.0)
    i18n (1.8.10)
      concurrent-ruby (~> 1.0)
    i18n-js (3.8.3)
      i18n (>= 0.6.6)
    jbuilder (2.11.2)
      activesupport (>= 5.0.0)
    jquery-rails (4.4.0)
      rails-dom-testing (>= 1, < 3)
      railties (>= 4.2.0)
      thor (>= 0.14, < 2.0)
    jwt (2.2.3)
    launchy (2.5.0)
      addressable (~> 2.7)
    less (2.6.0)
      commonjs (~> 0.2.7)
    less-rails (2.8.0)
      actionpack (>= 4.0)
      less (~> 2.6.0)
      sprockets (> 2, < 4)
      tilt
    listen (3.5.1)
      rb-fsevent (~> 0.10, >= 0.10.3)
      rb-inotify (~> 0.9, >= 0.9.10)
    lograge (0.11.2)
      actionpack (>= 4)
      activesupport (>= 4)
      railties (>= 4)
      request_store (~> 1.0)
    loofah (2.10.0)
      crass (~> 1.0.2)
      nokogiri (>= 1.5.9)
    lumberjack (1.2.8)
    mail (2.7.1)
      mini_mime (>= 0.1.1)
    marcel (1.0.1)
    method_source (1.0.0)
    mini_mime (1.1.0)
    mini_portile2 (2.5.3)
    minitest (5.14.4)
    multipart-post (2.1.1)
    mysql2 (0.5.3)
    nenv (0.3.0)
    net-ldap (0.17.0)
    net-scp (3.0.0)
      net-ssh (>= 2.6.5, < 7.0.0)
    net-ssh (6.1.0)
    nio4r (2.5.7)
    nokogiri (1.11.7)
      mini_portile2 (~> 2.5.0)
      racc (~> 1.4)
    notiffany (0.1.3)
      nenv (~> 0.1)
      shellany (~> 0.0)
    omniauth (1.9.1)
      hashie (>= 3.4.6)
      rack (>= 1.6.2, < 3)
    omniauth-shibboleth (1.1.2)
      omniauth (>= 1.0.0)
    omniauth-shibboleth-passive (0.1.0)
      omniauth-shibboleth (~> 1.1.0)
    paper_trail (10.3.1)
      activerecord (>= 4.2)
      request_store (~> 1.1)
    parallel (1.20.1)
    parser (3.0.2.0)
      ast (~> 2.4.1)
    passenger (6.0.10)
      rack
      rake (>= 0.8.1)
    pry (0.13.1)
      coderay (~> 1.1)
      method_source (~> 1.0)
    pry-byebug (3.9.0)
      byebug (~> 11.0)
      pry (~> 0.13.0)
    pry-rails (0.3.9)
      pry (>= 0.10.4)
    public_suffix (4.0.6)
    puma (4.3.8)
      nio4r (~> 2.0)
    pundit (2.1.0)
      activesupport (>= 3.0.0)
    racc (1.5.2)
    rack (2.2.3)
    rack-test (1.1.0)
      rack (>= 1.0, < 3)
    rails (5.2.6)
      actioncable (= 5.2.6)
      actionmailer (= 5.2.6)
      actionpack (= 5.2.6)
      actionview (= 5.2.6)
      activejob (= 5.2.6)
      activemodel (= 5.2.6)
      activerecord (= 5.2.6)
      activestorage (= 5.2.6)
      activesupport (= 5.2.6)
      bundler (>= 1.3.0)
      railties (= 5.2.6)
      sprockets-rails (>= 2.0.0)
    rails-dom-testing (2.0.3)
      activesupport (>= 4.2.0)
      nokogiri (>= 1.6)
    rails-html-sanitizer (1.3.0)
      loofah (~> 2.3)
    railties (5.2.6)
      actionpack (= 5.2.6)
      activesupport (= 5.2.6)
      method_source
      rake (>= 0.8.7)
      thor (>= 0.19.0, < 2.0)
    rainbow (3.0.0)
    rake (13.0.6)
    rb-fsevent (0.11.0)
    rb-inotify (0.10.1)
      ffi (~> 1.0)
    regexp_parser (2.1.1)
    request_store (1.5.0)
      rack (>= 1.4)
    rexml (3.2.5)
    rqrcode (1.2.0)
      chunky_png (~> 1.0)
      rqrcode_core (~> 0.2)
    rqrcode_core (0.2.0)
    rspec (3.10.0)
      rspec-core (~> 3.10.0)
      rspec-expectations (~> 3.10.0)
      rspec-mocks (~> 3.10.0)
    rspec-core (3.10.1)
      rspec-support (~> 3.10.0)
    rspec-expectations (3.10.1)
      diff-lcs (>= 1.2.0, < 2.0)
      rspec-support (~> 3.10.0)
    rspec-mocks (3.10.2)
      diff-lcs (>= 1.2.0, < 2.0)
      rspec-support (~> 3.10.0)
    rspec-rails (4.1.2)
      actionpack (>= 4.2)
      activesupport (>= 4.2)
      railties (>= 4.2)
      rspec-core (~> 3.10)
      rspec-expectations (~> 3.10)
      rspec-mocks (~> 3.10)
      rspec-support (~> 3.10)
    rspec-retry (0.6.2)
      rspec-core (> 3.3)
    rspec-support (3.10.2)
    rubocop (0.93.1)
      parallel (~> 1.10)
      parser (>= 2.7.1.5)
      rainbow (>= 2.2.2, < 4.0)
      regexp_parser (>= 1.8)
      rexml
      rubocop-ast (>= 0.6.0)
      ruby-progressbar (~> 1.7)
      unicode-display_width (>= 1.4.0, < 2.0)
    rubocop-ast (1.8.0)
      parser (>= 3.0.1.1)
    ruby-progressbar (1.11.0)
    ruby2_keywords (0.0.5)
    sass (3.7.4)
      sass-listen (~> 4.0.0)
    sass-listen (4.0.0)
      rb-fsevent (~> 0.9, >= 0.9.4)
      rb-inotify (~> 0.9, >= 0.9.7)
    sass-rails (5.1.0)
      railties (>= 5.2.0)
      sass (~> 3.1)
      sprockets (>= 2.8, < 4.0)
      sprockets-rails (>= 2.0, < 4.0)
      tilt (>= 1.1, < 3)
    sentry-rails (4.6.1)
      railties (>= 5.0)
      sentry-ruby-core (~> 4.6.0)
    sentry-ruby (4.6.1)
      concurrent-ruby (~> 1.0, >= 1.0.2)
      faraday (>= 1.0)
      sentry-ruby-core (= 4.6.1)
    sentry-ruby-core (4.6.1)
      concurrent-ruby
      faraday
    shellany (0.0.1)
    slack-notifier (2.4.0)
    sprockets (3.7.2)
      concurrent-ruby (~> 1.0)
      rack (> 1, < 3)
    sprockets-rails (3.2.2)
      actionpack (>= 4.0)
      activesupport (>= 4.0)
      sprockets (>= 3.0.0)
    sqlite3 (1.4.2)
    sshkit (1.21.2)
      net-scp (>= 1.1.2)
      net-ssh (>= 2.8.0)
    thor (1.1.0)
    thread_safe (0.3.6)
    tilt (2.0.10)
    turbolinks (5.2.1)
      turbolinks-source (~> 5.2)
    turbolinks-source (5.2.0)
    twitter-bootstrap-rails (4.0.0)
      actionpack (~> 5.0, >= 5.0.1)
      execjs (~> 2.7)
      less-rails (~> 2.8, >= 2.8.0)
      railties (~> 5.0, >= 5.0.1)
    tzinfo (1.2.9)
      thread_safe (~> 0.1)
    uglifier (4.2.0)
      execjs (>= 0.3.0, < 3)
    unicode-display_width (1.7.0)
    web-console (3.7.0)
      actionview (>= 5.0)
      activemodel (>= 5.0)
      bindex (>= 0.4.0)
      railties (>= 5.0)
    websocket-driver (0.7.5)
      websocket-extensions (>= 0.1.0)
    websocket-extensions (0.1.5)
    xpath (3.2.0)
      nokogiri (~> 1.8)

PLATFORMS
  ruby

DEPENDENCIES
  addressable (~> 2.7)
  ajax-datatables-rails!
  annotate (~> 3.1)
  apparition (~> 0.6)
  awesome_print (~> 1.8)
  barby (~> 0.6)
  bcrypt_pbkdf (~> 1.1)
  better_errors (~> 2.7)
  binding_of_caller (~> 0.8)
  bootstrap-select-rails (~> 1.13)
  browser (~> 4.2)
  byebug (~> 11.1)
  capistrano (~> 3.14)
  capistrano-bundler (~> 1.6)
  capistrano-passenger (~> 0.2)
  capistrano-rails (~> 1.5)
  capistrano-rbenv (~> 2.1)
  capybara (~> 3.15)
  capybara-screenshot (~> 1.0)
  chunky_png (~> 1.3)
  clipboard-rails (~> 1.7)
  coffee-rails (~> 4.2)
  data-confirm-modal (~> 1.6)
  database_cleaner (~> 1.8)
  dotenv-rails (~> 2.7)
  ed25519 (~> 1.2)
  exception_notification (~> 4.4)
  factory_bot_rails (~> 6.2)
  font-awesome-rails (~> 4.7)
  fuubar (~> 2.5)
  guard (~> 2.17)
  guard-rspec (~> 4.7)
  i18n-js (~> 3.7)
  jbuilder (~> 2.10)
  jquery-rails (~> 4.4)
  jwt (~> 2.2)
  launchy (~> 2.4)
  listen (~> 3.0)
  lograge (~> 0.11)
  mysql2 (~> 0.5)
  net-ldap (~> 0.16)
  omniauth (~> 1.9)
  omniauth-shibboleth (~> 1.1)
  omniauth-shibboleth-passive (~> 0.1)
  paper_trail (~> 10.3)
  passenger (~> 6.0)
  pry (~> 0.13)
  pry-byebug (~> 3.9)
  pry-rails (~> 0.3)
  puma (~> 4.3)
  pundit (~> 2.1)
  rails (~> 5.2)
  rqrcode (~> 1.1)
  rspec-rails (~> 4.0)
  rspec-retry (~> 0.6)
  rubocop (~> 0.47)
  sass-rails (~> 5.0)
  sentry-rails (~> 4.4)
  sentry-ruby (~> 4.4)
  slack-notifier (~> 2.3)
  sqlite3 (~> 1.4)
  starburst!
  turbolinks (~> 5.2)
  twitter-bootstrap-rails (~> 4.0)
  twitter-typeahead-rails!
  tzinfo-data
  uglifier (~> 4.2)
  web-console (~> 3.7)

BUNDLED WITH
   2.2.20
